PATH
  remote: .
  specs:
    persistent-cache-storage-elastic (0.1.0)
      eh
      persistent-cache-storage-api

GEM
  remote: https://rubygems.org/
  specs:
    diff-lcs (1.2.5)
    eh (0.0.8)
    elasticsearch (1.0.18)
      elasticsearch-api (= 1.0.18)
      elasticsearch-transport (= 1.0.18)
    elasticsearch-api (1.0.18)
      multi_json
    elasticsearch-transport (1.0.18)
      faraday
      multi_json
    faraday (0.9.2)
      multipart-post (>= 1.2, < 3)
    json (1.8.3)
    multi_json (1.12.1)
    multipart-post (2.0.0)
    net-http-persistent (2.9.4)
    persistent-cache-storage-api (0.1.4)
    rake (10.5.0)
    rspec (3.5.0)
      rspec-core (~> 3.5.0)
      rspec-expectations (~> 3.5.0)
      rspec-mocks (~> 3.5.0)
    rspec-core (3.5.0)
      rspec-support (~> 3.5.0)
    rspec-expectations (3.5.0)
      diff-lcs (>= 1.2.0, < 2.0)
      rspec-support (~> 3.5.0)
    rspec-mocks (3.5.0)
      diff-lcs (>= 1.2.0, < 2.0)
      rspec-support (~> 3.5.0)
    rspec-support (3.5.0)

PLATFORMS
  ruby

DEPENDENCIES
  bundler (~> 1.11)
  elasticsearch
  json
  net-http-persistent
  persistent-cache-storage-elastic!
  rake (~> 10.0)
  rspec (~> 3.0)

BUNDLED WITH
   1.12.5
